GIT
  remote: file:///home/quintus/repos/privat/ruby/backend
  revision: 8bef3522ae9c7846f64d3bf7b55890428bea5e73
  specs:
    openrubyrmk-backend (0.0.1.dev)
      nokogiri
      ruby-tmx

GIT
  remote: git://github.com/Hanmac/tmx-ruby.git
  revision: 585a6404c1b5386a72861fcf5eade487d2f09775
  specs:
    ruby-tmx (0.0.1.dev)
      nokogiri
      rbtree

GEM
  remote: http://rubygems.org/
  specs:
    ansi (1.4.3)
    atk (1.2.6)
      glib2 (>= 1.2.6)
    bond (0.4.3)
    cairo (1.12.4)
      pkg-config
    gdk_pixbuf2 (1.2.6)
      glib2 (>= 1.2.6)
    glib2 (1.2.6)
      pkg-config
    gtk2 (1.2.6)
      atk (>= 1.2.6)
      gdk_pixbuf2 (>= 1.2.6)
      pango (>= 1.2.6)
    mini_portile (0.5.1)
    nokogiri (1.6.0)
      mini_portile (~> 0.5.0)
    paint (0.8.6)
    pango (1.2.6)
      cairo (>= 1.10.0)
      glib2 (>= 1.2.6)
    pkg-config (1.1.4)
    r18n-core (1.1.4)
    r18n-desktop (1.1.4)
      r18n-core (= 1.1.4)
    rake (10.0.4)
    rbtree (0.4.1)
    ripl (0.7.0)
      bond (~> 0.4.2)
    ripl-multi_line (0.3.1)
      ripl (>= 0.3.6)
    turn (0.9.6)
      ansi
    vte (1.2.6)
      gtk2 (>= 1.2.6)

PLATFORMS
  ruby

DEPENDENCIES
  gtk2
  openrubyrmk-backend!
  paint
  r18n-desktop
  rake
  ripl
  ripl-multi_line
  ruby-tmx!
  turn
  vte
