GIT
  remote: git://github.com/OpenRubyRMK/backend.git
  revision: ab38b9596d444f719d96f76dec6e09fb7e488207
  specs:
    openrubyrmk-backend (0.0.1.dev)
      nokogiri
      ruby-tmx

GIT
  remote: git://github.com/Quintus/tmx-ruby.git
  revision: 8add349c6934e4533200213e57fe795a74d8557d
  specs:
    ruby-tmx (0.0.1.dev)
      nokogiri
      rbtree

GEM
  remote: https://rubygems.org/
  specs:
    ansi (1.4.3)
    atk (1.1.5)
      glib2 (>= 1.1.5)
    bond (0.4.2)
    cairo (1.12.2)
      pkg-config
    gdk_pixbuf2 (1.1.5)
      glib2 (>= 1.1.5)
    glib2 (1.1.5)
      pkg-config
    gtk2 (1.1.5)
      atk (>= 1.1.5)
      gdk_pixbuf2 (>= 1.1.5)
      pango (>= 1.1.5)
    nokogiri (1.5.6)
    paint (0.8.5)
    pango (1.1.5)
      cairo (>= 1.10.0)
      glib2 (>= 1.1.5)
    pkg-config (1.1.4)
    r18n-core (1.1.2)
    r18n-desktop (1.1.2)
      r18n-core (= 1.1.2)
    rake (10.0.1)
    rbtree (0.3.0)
    ripl (0.7.0)
      bond (~> 0.4.2)
    ripl-multi_line (0.3.0)
      ripl (>= 0.3.6)
    turn (0.9.6)
      ansi
    vte (1.1.5)
      gtk2 (>= 1.1.5)

PLATFORMS
  ruby

DEPENDENCIES
  gtk2
  openrubyrmk-backend!
  paint
  r18n-desktop
  rake
  ripl
  ripl-multi_line
  ruby-tmx!
  turn
  vte
