GIT
  remote: git://github.com/OpenRubyRMK/backend.git
  revision: b2e02964121eeebc543b77ece63c465d923b9d02
  specs:
    openrubyrmk-backend (0.0.1.dev)
      nokogiri
      ruby-tmx

GEM
  remote: https://rubygems.org/
  specs:
    ansi (1.4.3)
    atk (1.1.5)
      glib2 (>= 1.1.5)
    cairo (1.12.2)
      pkg-config
    gdk_pixbuf2 (1.1.5)
      glib2 (>= 1.1.5)
    glib2 (1.1.5)
      pkg-config
    gtk2 (1.1.5)
      atk (>= 1.1.5)
      gdk_pixbuf2 (>= 1.1.5)
      pango (>= 1.1.5)
    nokogiri (1.5.5)
    paint (0.8.5)
    pango (1.1.5)
      cairo (>= 1.10.0)
      glib2 (>= 1.1.5)
    pkg-config (1.1.4)
    r18n-core (1.1.2)
    r18n-desktop (1.1.2)
      r18n-core (= 1.1.2)
    rake (0.9.2.2)
    ruby-tmx (0.0.1.dev)
      nokogiri
    turn (0.9.6)
      ansi

PLATFORMS
  ruby

DEPENDENCIES
  gtk2
  openrubyrmk-backend!
  paint
  r18n-desktop
  rake
  turn
