GIT
  remote: git://github.com/OpenRubyRMK/backend.git
  revision: 7e91f8cbad631fa927f384dc1580c0ab15d9a243
  specs:
    openrubyrmk-backend (0.0.1.dev)
      nokogiri
      ruby-tmx

GIT
  remote: git://github.com/Quintus/tmx-ruby.git
  revision: f3548929c124ad0814af3d4717c9c3e5342cbb9d
  specs:
    ruby-tmx (0.0.1.dev)
      nokogiri

GEM
  remote: https://rubygems.org/
  specs:
    ansi (1.4.3)
    atk (1.1.5)
      glib2 (>= 1.1.5)
    cairo (1.12.2)
      pkg-config
    gdk_pixbuf2 (1.1.5)
      glib2 (>= 1.1.5)
    glib2 (1.1.5)
      pkg-config
    gtk2 (1.1.5)
      atk (>= 1.1.5)
      gdk_pixbuf2 (>= 1.1.5)
      pango (>= 1.1.5)
    nokogiri (1.5.5)
    paint (0.8.5)
    pango (1.1.5)
      cairo (>= 1.10.0)
      glib2 (>= 1.1.5)
    pkg-config (1.1.4)
    r18n-core (1.1.2)
    r18n-desktop (1.1.2)
      r18n-core (= 1.1.2)
    rake (10.0.1)
    turn (0.9.6)
      ansi

PLATFORMS
  ruby

DEPENDENCIES
  gtk2
  openrubyrmk-backend!
  paint
  r18n-desktop
  rake
  ruby-tmx!
  turn
