GIT
  remote: git://github.com/OpenRubyRMK/backend.git
  revision: d58ab5f57b0997ccc7fd494d6923ab03156b729d
  specs:
    openrubyrmk-backend (0.0.1.dev)
      nokogiri
      ruby-tmx

GIT
  remote: git://github.com/Quintus/tmx-ruby.git
  revision: 8b319bf901e445c8f5827aa0fe08d2f60aab3270
  specs:
    ruby-tmx (0.0.1.dev)
      nokogiri

GEM
  remote: https://rubygems.org/
  specs:
    ansi (1.4.3)
    atk (1.1.5)
      glib2 (>= 1.1.5)
    bond (0.4.2)
    cairo (1.12.2)
      pkg-config
    columnize (0.3.6)
    debugger (1.2.3)
      columnize (>= 0.3.1)
      debugger-linecache (~> 1.1.1)
      debugger-ruby_core_source (~> 1.1.5)
    debugger-linecache (1.1.2)
      debugger-ruby_core_source (>= 1.1.1)
    debugger-ruby_core_source (1.1.6)
    gdk_pixbuf2 (1.1.5)
      glib2 (>= 1.1.5)
    glib2 (1.1.5)
      pkg-config
    gtk2 (1.1.5)
      atk (>= 1.1.5)
      gdk_pixbuf2 (>= 1.1.5)
      pango (>= 1.1.5)
    nokogiri (1.5.6)
    paint (0.8.5)
    pango (1.1.5)
      cairo (>= 1.10.0)
      glib2 (>= 1.1.5)
    pkg-config (1.1.4)
    r18n-core (1.1.2)
    r18n-desktop (1.1.2)
      r18n-core (= 1.1.2)
    rake (10.0.1)
    ripl (0.7.0)
      bond (~> 0.4.2)
    ripl-multi_line (0.3.0)
      ripl (>= 0.3.6)
    turn (0.9.6)
      ansi
    vte (1.1.5)
      gtk2 (>= 1.1.5)

PLATFORMS
  ruby

DEPENDENCIES
  debugger
  gtk2
  openrubyrmk-backend!
  paint
  r18n-desktop
  rake
  ripl
  ripl-multi_line
  ruby-tmx!
  turn
  vte
